GIT
  remote: https://github.com/Roman2K/leboncoin
  revision: 72bb39be582a7fee1da88fa7639d8cd305d54179
  specs:
    leboncoin (0.1.1)
      faraday (~> 0.8.8)
      nokogiri (~> 1.6.1)

GEM
  remote: https://rubygems.org/
  specs:
    faraday (0.8.8)
      multipart-post (~> 1.2.0)
    mini_portile (0.5.2)
    multipart-post (1.2.0)
    nokogiri (1.6.1)
      mini_portile (~> 0.5.0)
    rack (1.5.2)

PLATFORMS
  ruby

DEPENDENCIES
  leboncoin (~> 0.1.1)!
  rack
