GEM
  remote: https://rubygems.org/
  specs:
    faraday (0.8.8)
      multipart-post (~> 1.2.0)
    mini_portile (0.5.2)
    multipart-post (1.2.0)
    nokogiri (1.6.1)
      mini_portile (~> 0.5.0)
    vcr (2.8.0)

PLATFORMS
  ruby

DEPENDENCIES
  faraday
  nokogiri
  vcr
